GEM
  remote: https://rubygems.org/
  specs:
    alfredo (0.1.2)
      nokogiri
    mini_portile2 (2.4.0)
    nokogiri (1.10.9)
      mini_portile2 (~> 2.4.0)

PLATFORMS
  ruby

DEPENDENCIES
  alfredo
